GEM
  remote: https://rubygems.org/
  specs:
    activemodel (5.0.1)
      activesupport (= 5.0.1)
    activerecord (5.0.1)
      activemodel (= 5.0.1)
      activesupport (= 5.0.1)
      arel (~> 7.0)
    activesupport (5.0.1)
      concurrent-ruby (~> 1.0, >= 1.0.2)
      i18n (~> 0.7)
      minitest (~> 5.1)
      tzinfo (~> 1.1)
    arel (7.1.4)
    concurrent-ruby (1.0.4)
    factbook (1.2.2)
      activerecord
      fetcher
      logutils
      nokogiri
    fetcher (0.4.5)
      logutils (>= 0.6)
    i18n (0.7.0)
    logutils (0.6.1)
    mini_portile2 (2.1.0)
    minitest (5.10.1)
    mustermann (1.0.0.beta2)
    nokogiri (1.7.0.1)
      mini_portile2 (~> 2.1.0)
    rack (2.0.1)
    rack-protection (2.0.0.beta2)
      rack
    redis (3.3.3)
    sinatra (2.0.0.beta2)
      mustermann (= 1.0.0.beta2)
      rack (~> 2.0)
      rack-protection (= 2.0.0.beta2)
      tilt (~> 2.0)
    thread_safe (0.3.5)
    tilt (2.0.6)
    tzinfo (1.2.2)
      thread_safe (~> 0.1)

PLATFORMS
  ruby

DEPENDENCIES
  factbook
  redis
  sinatra (= 2.0.0.beta2)

BUNDLED WITH
   1.13.6
